GEM
  remote: https://rubygems.org/
  specs:
    holiday_japan (1.4.3)

PLATFORMS
  ruby

DEPENDENCIES
  holiday_japan

BUNDLED WITH
   2.0.1
